GEM
  remote: https://rubygems.org/
  specs:
    sass (3.4.22)

PLATFORMS
  ruby

DEPENDENCIES
  sass (= 3.4.22)!

RUBY VERSION
   ruby 2.3.0p0

BUNDLED WITH
   1.12.5
